GEM
  remote: https://rubygems.org/
  specs:
    embulk (0.1.0)

PLATFORMS
  java

DEPENDENCIES
  embulk (~> 0.1.0)
